GEM
  remote: https://rubygems.org/
  specs:

PLATFORMS
  ruby

DEPENDENCIES

BUNDLED WITH
   1.12.0.pre.1
